GEM
  remote: http://rubygems.org/
  specs:
    haml (3.1.4)
    rmagick (2.13.1)

PLATFORMS
  ruby

DEPENDENCIES
  haml
  rmagick
